GEM
  remote: https://rubygems.org/
  specs:
    motion-env (0.0.3)
    rake (10.3.2)

PLATFORMS
  ruby

DEPENDENCIES
  motion-env
  rake
